STORAGE: NONE
LOWEST_MATCHING: TRUE
RESTRICTION: == netstandard2.0
NUGET
  remote: https://api.nuget.org/v3/index.json
    FluentAssertions (6.7)
      System.Threading.Tasks.Extensions (>= 4.5)
    FSharp.Core (6.0)
    Humanizer.Core (2.14.1) - copy_local: false
    JetBrains.Annotations (2022.1)
    Microsoft.Bcl.AsyncInterfaces (7.0)
      System.Threading.Tasks.Extensions (>= 4.5.4)
    Microsoft.CodeAnalysis.Analyzers (3.3.4) - copy_local: false
    Microsoft.CodeAnalysis.Common (4.6) - copy_local: false
      Microsoft.CodeAnalysis.Analyzers (>= 3.3.4)
      System.Collections.Immutable (>= 7.0)
      System.Memory (>= 4.5.5)
      System.Reflection.Metadata (>= 7.0)
      System.Runtime.CompilerServices.Unsafe (>= 6.0)
      System.Text.Encoding.CodePages (>= 7.0)
      System.Threading.Tasks.Extensions (>= 4.5.4)
    Microsoft.CodeAnalysis.CSharp (4.6) - copy_local: false
      Microsoft.CodeAnalysis.Common (4.6)
    Microsoft.CodeAnalysis.CSharp.Workspaces (4.6) - copy_local: false
      Humanizer.Core (>= 2.14.1)
      Microsoft.CodeAnalysis.Common (4.6)
      Microsoft.CodeAnalysis.CSharp (4.6)
      Microsoft.CodeAnalysis.Workspaces.Common (4.6)
    Microsoft.CodeAnalysis.Workspaces.Common (4.6) - copy_local: false
      Humanizer.Core (>= 2.14.1)
      Microsoft.Bcl.AsyncInterfaces (>= 7.0)
      Microsoft.CodeAnalysis.Common (4.6)
      System.Composition (>= 7.0)
      System.IO.Pipelines (>= 7.0)
      System.Threading.Channels (>= 7.0)
    Microsoft.CSharp (4.7) - copy_local: false
    System.Buffers (4.5.1) - copy_local: false
    System.Collections.Immutable (7.0) - copy_local: false
      System.Memory (>= 4.5.5)
      System.Runtime.CompilerServices.Unsafe (>= 6.0)
    System.Composition (7.0) - copy_local: false
      System.Composition.AttributedModel (>= 7.0)
      System.Composition.Convention (>= 7.0)
      System.Composition.Hosting (>= 7.0)
      System.Composition.Runtime (>= 7.0)
      System.Composition.TypedParts (>= 7.0)
    System.Composition.AttributedModel (7.0) - copy_local: false
    System.Composition.Convention (7.0) - copy_local: false
      System.Composition.AttributedModel (>= 7.0)
    System.Composition.Hosting (7.0) - copy_local: false
      System.Composition.Runtime (>= 7.0)
    System.Composition.Runtime (7.0) - copy_local: false
    System.Composition.TypedParts (7.0) - copy_local: false
      System.Composition.AttributedModel (>= 7.0)
      System.Composition.Hosting (>= 7.0)
      System.Composition.Runtime (>= 7.0)
    System.IO.Pipelines (7.0) - copy_local: false
      System.Buffers (>= 4.5.1)
      System.Memory (>= 4.5.5)
      System.Threading.Tasks.Extensions (>= 4.5.4)
    System.Memory (4.5.5) - copy_local: false
      System.Buffers (>= 4.5.1)
      System.Numerics.Vectors (>= 4.4)
      System.Runtime.CompilerServices.Unsafe (>= 4.5.3)
    System.Numerics.Vectors (4.5) - copy_local: false
    System.Reflection.Metadata (7.0.2) - copy_local: false
      System.Collections.Immutable (>= 7.0)
      System.Memory (>= 4.5.5)
    System.Runtime.CompilerServices.Unsafe (6.0) - copy_local: false
    System.Text.Encoding.CodePages (7.0) - copy_local: false
      System.Memory (>= 4.5.5)
      System.Runtime.CompilerServices.Unsafe (>= 6.0)
    System.Threading.Channels (7.0) - copy_local: false
      System.Threading.Tasks.Extensions (>= 4.5.4)
    System.Threading.Tasks.Extensions (4.5.4)
      System.Runtime.CompilerServices.Unsafe (>= 4.5.3)
    ThisAssembly.AssemblyInfo (1.4.1) - copy_local: false
      Microsoft.CSharp (>= 4.7)
      System.Threading.Tasks.Extensions (>= 4.5.4)
GITHUB
  remote: vostok/commons.time
    Vostok.Commons.Time/TimeBudget.cs (e0f0a663be42fc140f628ec7823f0154b600bf7d)
  remote: morelinq/morelinq
    MoreLinq/DistinctBy.cs (60390e8d9825b86c68982ebae3cd30c1549cdec3)
GROUP Tests
STORAGE: NONE
RESTRICTION: == net8.0
NUGET
  remote: https://api.nuget.org/v3/index.json
    Argon (0.7.2)
    DiffEngine (12.2.1)
      EmptyFiles (>= 4.5)
      System.Management (>= 6.0.2)
    EmptyFiles (4.5)
    Humanizer.Core (2.14.1)
    Microsoft.Bcl.AsyncInterfaces (7.0)
    Microsoft.CodeAnalysis.Analyzers (3.3.4)
    Microsoft.CodeAnalysis.Common (4.8)
      Microsoft.CodeAnalysis.Analyzers (>= 3.3.4)
      System.Collections.Immutable (>= 7.0)
      System.Reflection.Metadata (>= 7.0)
      System.Runtime.CompilerServices.Unsafe (>= 6.0)
    Microsoft.CodeAnalysis.CSharp (4.8)
      Microsoft.CodeAnalysis.Common (4.8)
    Microsoft.CodeAnalysis.CSharp.Workspaces (4.8)
      Humanizer.Core (>= 2.14.1)
      Microsoft.CodeAnalysis.Common (4.8)
      Microsoft.CodeAnalysis.CSharp (4.8)
      Microsoft.CodeAnalysis.Workspaces.Common (4.8)
    Microsoft.CodeAnalysis.Workspaces.Common (4.8)
      Humanizer.Core (>= 2.14.1)
      Microsoft.Bcl.AsyncInterfaces (>= 7.0)
      Microsoft.CodeAnalysis.Common (4.8)
      System.Composition (>= 7.0)
      System.IO.Pipelines (>= 7.0)
      System.Threading.Channels (>= 7.0)
    Microsoft.CodeCoverage (17.7.1)
    Microsoft.NET.Test.Sdk (17.1)
      Microsoft.CodeCoverage (>= 17.1)
      Microsoft.TestPlatform.TestHost (>= 17.1)
    Microsoft.NETCore.Platforms (7.0.4)
    Microsoft.TestPlatform.ObjectModel (17.7.1)
      NuGet.Frameworks (>= 6.5)
      System.Reflection.Metadata (>= 1.6)
    Microsoft.TestPlatform.TestHost (17.7.1)
      Microsoft.TestPlatform.ObjectModel (>= 17.7.1)
      Newtonsoft.Json (>= 13.0.1)
    NETStandard.Library (2.0.3)
      Microsoft.NETCore.Platforms (>= 1.1)
    Newtonsoft.Json (13.0.3)
    NuGet.Frameworks (6.7)
    NUnit (3.13.3)
      NETStandard.Library (>= 2.0)
    NUnit3TestAdapter (4.5)
    SimpleInfoName (2.1.1)
    System.CodeDom (7.0)
    System.Collections.Immutable (7.0)
    System.Composition (7.0)
      System.Composition.AttributedModel (>= 7.0)
      System.Composition.Convention (>= 7.0)
      System.Composition.Hosting (>= 7.0)
      System.Composition.Runtime (>= 7.0)
      System.Composition.TypedParts (>= 7.0)
    System.Composition.AttributedModel (7.0)
    System.Composition.Convention (7.0)
      System.Composition.AttributedModel (>= 7.0)
    System.Composition.Hosting (7.0)
      System.Composition.Runtime (>= 7.0)
    System.Composition.Runtime (7.0)
    System.Composition.TypedParts (7.0)
      System.Composition.AttributedModel (>= 7.0)
      System.Composition.Hosting (>= 7.0)
      System.Composition.Runtime (>= 7.0)
    System.IO.Hashing (7.0)
    System.IO.Pipelines (7.0)
    System.Management (7.0.2)
      System.CodeDom (>= 7.0)
    System.Reflection.Metadata (7.0.2)
      System.Collections.Immutable (>= 7.0)
    System.Runtime.CompilerServices.Unsafe (6.0)
    System.Threading.Channels (7.0)
    Verify (20.8.1)
      Argon (>= 0.7.2)
      DiffEngine (>= 12.2.1)
      EmptyFiles (>= 4.5)
      SimpleInfoName (>= 2.1.1)
      System.IO.Hashing (>= 7.0)
    Verify.NUnit (20.1.1)
      EmptyFiles (>= 4.4)
      NUnit (>= 3.13.3)
      Verify (>= 20.1.1)
    Verify.SourceGenerators (2.1)
      Argon (>= 0.3.3)
      Verify (>= 19.9.2)
