STORAGE: NONE
RESTRICTION: == netstandard2.1
NUGET
  remote: https://api.nuget.org/v3/index.json
    FluentAssertions (6.7)
    FSharp.Core (6.0.5)
    JetBrains.Annotations (2022.1)
GITHUB
  remote: vostok/commons.time
    Vostok.Commons.Time/TimeBudget.cs (988ca88de58dfcf272c27824efa52ab195628ab4)