STORAGE: NONE
RESTRICTION: == netstandard2.0
NUGET
  remote: https://api.nuget.org/v3/index.json
    FluentAssertions (6.11)
      System.Threading.Tasks.Extensions (>= 4.5)
    FSharp.Core (7.0.400)
    JetBrains.Annotations (2023.2)
    Microsoft.Bcl.AsyncInterfaces (7.0)
      System.Threading.Tasks.Extensions (>= 4.5.4)
    System.Runtime.CompilerServices.Unsafe (6.0)
    System.Threading.Tasks.Extensions (4.5.4)
      System.Runtime.CompilerServices.Unsafe (>= 4.5.3)
GITHUB
  remote: vostok/commons.time
    Vostok.Commons.Time/TimeBudget.cs (e0f0a663be42fc140f628ec7823f0154b600bf7d)